GEM
  remote: https://rubygems.org/
  specs:
    eventmachine (1.0.8)
    eventmachine (1.0.8-java)
    little-plugger (1.1.3)
    logging (2.0.0)
      little-plugger (~> 1.1)
      multi_json (~> 1.10)
    multi_json (1.11.2)

PLATFORMS
  java
  ruby

DEPENDENCIES
  eventmachine
  logging

BUNDLED WITH
   1.10.6
